GIT
  remote: https://github.com/internetblacksmith/vimdeck
  revision: b5146f59da39e52da6bed24db4815cbd11abc475
  specs:
    vimdeck (0.3.3)
      artii (~> 2.1.1)
      redcarpet (~> 3.1.2)

GEM
  remote: https://rubygems.org/
  specs:
    artii (2.1.2)
    redcarpet (3.1.2)

PLATFORMS
  ruby

DEPENDENCIES
  vimdeck!

BUNDLED WITH
   2.1.4
